GEM
  remote: https://rubygems.org/
  specs:
    activemodel (3.2.12)
      activesupport (= 3.2.12)
      builder (~> 3.0.0)
    activerecord (3.2.12)
      activemodel (= 3.2.12)
      activesupport (= 3.2.12)
      arel (~> 3.0.2)
      tzinfo (~> 0.3.29)
    activesupport (3.2.12)
      i18n (~> 0.6)
      multi_json (~> 1.0)
    arel (3.0.2)
    backports (2.8.2)
    builder (3.0.4)
    certified (0.1.1)
    coderay (1.0.8)
    columnize (0.3.6)
    daemons (1.1.9)
    debugger (1.2.4)
      columnize (>= 0.3.1)
      debugger-linecache (~> 1.1.1)
      debugger-ruby_core_source (~> 1.1.7)
    debugger-linecache (1.1.2)
      debugger-ruby_core_source (>= 1.1.1)
    debugger-ruby_core_source (1.1.7)
    event_emitter (0.2.2)
    eventmachine (1.0.0)
    foreman (0.61.0)
      thor (>= 0.13.6)
    haml (3.1.7)
    i18n (0.6.1)
    json (1.7.7)
    method_source (0.8.1)
    multi_json (1.6.1)
    pry (0.9.11.4)
      coderay (~> 1.0.5)
      method_source (~> 0.8)
      slop (~> 3.4)
    pry-debugger (0.2.1)
      debugger (~> 1.2.0)
      pry (~> 0.9.10)
    rack (1.5.1)
    rack-protection (1.3.2)
      rack
    rack-test (0.6.2)
      rack (>= 1.0)
    sass (3.2.5)
    sinatra (1.3.4)
      rack (~> 1.4)
      rack-protection (~> 1.3)
      tilt (~> 1.3, >= 1.3.3)
    sinatra-cometio (0.1.3)
      event_emitter (>= 0.2.0)
      eventmachine (>= 1.0.0)
      json (>= 1.7.0)
      rack
      sinatra (>= 1.3.3)
      sinatra-contrib (>= 1.3.2)
    sinatra-contrib (1.3.2)
      backports (>= 2.0)
      eventmachine
      rack-protection
      rack-test
      sinatra (~> 1.3.0)
      tilt (~> 1.3)
    slop (3.4.3)
    sqlite3 (1.3.7)
    thin (1.5.0)
      daemons (>= 1.0.9)
      eventmachine (>= 0.12.6)
      rack (>= 1.0.0)
    thor (0.17.0)
    tilt (1.3.3)
    tmail (1.2.7.1)
    tzinfo (0.3.35)

PLATFORMS
  ruby

DEPENDENCIES
  activerecord
  certified
  event_emitter
  foreman
  haml
  json
  pry-debugger
  rack
  sass
  sinatra
  sinatra-cometio
  sinatra-contrib
  sqlite3
  thin
  tmail
