GEM
  remote: https://rubygems.org/
  specs:
    robut (0.4.0)
      xmpp4r (~> 0.5.0)
    xmpp4r (0.5)

PLATFORMS
  ruby

DEPENDENCIES
  robut
