GEM
  remote: https://rubygems.org/
  specs:
    builder (3.0.0)
    haml (3.1.6)
    icalendar (1.1.6)
    rack (1.4.1)
    rack-protection (1.2.0)
      rack
    sinatra (1.3.2)
      rack (~> 1.3, >= 1.3.6)
      rack-protection (~> 1.2)
      tilt (~> 1.3, >= 1.3.3)
    tilt (1.3.3)
    tzinfo (0.3.33)

PLATFORMS
  ruby

DEPENDENCIES
  builder
  haml
  icalendar
  sinatra
  tzinfo
